GEM
  specs:
    activesupport (3.2.12)
      i18n (~> 0.6)
      multi_json (~> 1.0)
    cli-colorize (2.0.0)
    diff-lcs (1.2.1)
    fakeweb (1.3.0)
    git (1.2.5)
    grit (2.5.0)
      diff-lcs (~> 1.1)
      mime-types (~> 1.15)
      posix-spawn (~> 0.3.6)
    hirb (0.7.1)
    i18n (0.6.4)
    jeweler (1.8.4)
      bundler (~> 1.0)
      git (>= 1.2.5)
      rake
      rdoc
    json (1.7.7)
    macaddr (1.6.1)
      systemu (~> 2.5.0)
    mime-types (1.21)
    multi_json (1.6.1)
    plist (3.1.0)
    posix-spawn (0.3.6)
    rake (10.0.3)
    rdoc (3.12.2)
      json (~> 1.4)
    riot (0.12.5)
      rr
    rr (1.0.4)
    simplecov (0.7.1)
      multi_json (~> 1.0)
      simplecov-html (~> 0.7.1)
    simplecov-html (0.7.1)
    systemu (2.5.2)
    thor (0.17.0)
    uuid (2.3.7)
      macaddr (~> 1.0)
    yajl-ruby (1.1.0)

PLATFORMS
  ruby

DEPENDENCIES
  activesupport
  bundler (>= 1.1.3)
  cli-colorize
  fakeweb (>= 1.2.8)
  grit
  hirb
  i18n
  jeweler (~> 1.8.4)
  plist
  rdoc (~> 3.12)
  riot
  simplecov
  thor
  uuid (>= 2.3.1)
  yajl-ruby
